GEM
  remote: http://rubygems.org/
  specs:
    RedCloth (4.2.3)
    activerecord (2.3.5)
      activesupport (= 2.3.5)
    activesupport (2.3.5)
    columnize (0.3.1)
    hoe (2.6.2)
      rake (>= 0.8.7)
      rubyforge (>= 2.0.4)
    json_pure (1.4.6)
    linecache (0.43)
    newgem (1.5.3)
      RedCloth (>= 4.1.1)
      activesupport (~> 2.3.4)
      hoe (>= 2.4.0)
      rubigen (>= 1.5.3)
      syntax (>= 1.0.0)
    rake (0.8.7)
    rspec (1.3.1)
    rubigen (1.5.5)
      activesupport (~> 2.3.5)
    ruby-debug (0.10.3)
      columnize (>= 0.1)
      ruby-debug-base (~> 0.10.3.0)
    ruby-debug-base (0.10.3)
      linecache (>= 0.3)
    rubyforge (2.0.4)
      json_pure (>= 1.1.7)
    sqlite3-ruby (1.3.1)
    syntax (1.0.0)

PLATFORMS
  ruby

DEPENDENCIES
  activerecord (= 2.3.5)
  hoe
  newgem
  rake
  rspec (= 1.3.1)
  ruby-debug
  sqlite3-ruby
