GEM
  remote: http://rubygems.org/
  specs:
    activerecord (2.3.5)
      activesupport (= 2.3.5)
    activesupport (2.3.5)
    sqlite3-ruby (1.3.1)

PLATFORMS
  ruby

DEPENDENCIES
  activerecord (= 2.3.5)
  sqlite3-ruby
